GEM
  remote: https://rubygems.org/
  specs:
    actionmailer (2.3.18)
      actionpack (= 2.3.18)
    actionpack (2.3.18)
      activesupport (= 2.3.18)
      rack (~> 1.1.0)
    activerecord (2.3.18)
      activesupport (= 2.3.18)
    activeresource (2.3.18)
      activesupport (= 2.3.18)
    activesupport (2.3.18)
    childprocess (0.5.9)
      ffi (~> 1.0, >= 1.0.11)
    diff-lcs (1.2.5)
    faker (1.6.3)
      i18n (~> 0.5)
    ffi (1.9.10)
    i18n (0.7.0)
    iconv (1.0.4)
    iniparse (1.4.2)
    overcommit (0.32.0)
      childprocess (~> 0.5.8)
      iniparse (~> 1.4)
    rack (1.1.6)
    rails (2.3.18)
      actionmailer (= 2.3.18)
      actionpack (= 2.3.18)
      activerecord (= 2.3.18)
      activeresource (= 2.3.18)
      activesupport (= 2.3.18)
      rake (>= 0.8.3)
    rails-footnotes (3.6.7)
    rake (10.5.0)
    rspec (3.4.0)
      rspec-core (~> 3.4.0)
      rspec-expectations (~> 3.4.0)
      rspec-mocks (~> 3.4.0)
    rspec-core (3.4.3)
      rspec-support (~> 3.4.0)
    rspec-expectations (3.4.0)
      diff-lcs (>= 1.2.0, < 2.0)
      rspec-support (~> 3.4.0)
    rspec-mocks (3.4.1)
      diff-lcs (>= 1.2.0, < 2.0)
      rspec-support (~> 3.4.0)
    rspec-support (3.4.1)
    sqlite3 (1.3.11)
    will_paginate (2.3.16)

PLATFORMS
  ruby

DEPENDENCIES
  faker
  iconv
  overcommit
  rails (= 2.3.18)
  rails-footnotes
  rake
  rspec
  sqlite3
  will_paginate (= 2.3.16)

BUNDLED WITH
   1.11.2
