GEM
  remote: https://rubygems.org/
  specs:
    actionmailer (2.3.18)
      actionpack (= 2.3.18)
    actionpack (2.3.18)
      activesupport (= 2.3.18)
      rack (~> 1.1.0)
    activerecord (2.3.18)
      activesupport (= 2.3.18)
    activeresource (2.3.18)
      activesupport (= 2.3.18)
    activesupport (2.3.18)
    childprocess (1.0.1)
      rake (< 13.0)
    concurrent-ruby (1.1.5)
    diff-lcs (1.3)
    faker (2.1.2)
      i18n (>= 0.8)
    i18n (1.6.0)
      concurrent-ruby (~> 1.0)
    iconv (1.0.8)
    iniparse (1.4.4)
    overcommit (0.49.1)
      childprocess (>= 0.6.3, < 2.0)
      iniparse (~> 1.4)
    rack (1.1.6)
    rails (2.3.18)
      actionmailer (= 2.3.18)
      actionpack (= 2.3.18)
      activerecord (= 2.3.18)
      activeresource (= 2.3.18)
      activesupport (= 2.3.18)
      rake (>= 0.8.3)
    rails-footnotes (3.6.7)
    rake (12.3.3)
    rspec (3.8.0)
      rspec-core (~> 3.8.0)
      rspec-expectations (~> 3.8.0)
      rspec-mocks (~> 3.8.0)
    rspec-core (3.8.2)
      rspec-support (~> 3.8.0)
    rspec-expectations (3.8.4)
      diff-lcs (>= 1.2.0, < 2.0)
      rspec-support (~> 3.8.0)
    rspec-mocks (3.8.1)
      diff-lcs (>= 1.2.0, < 2.0)
      rspec-support (~> 3.8.0)
    rspec-support (3.8.2)
    sqlite3 (1.3.13)
    will_paginate (2.3.16)

PLATFORMS
  ruby

DEPENDENCIES
  faker
  iconv
  overcommit
  rails (= 2.3.18)
  rails-footnotes
  rspec
  sqlite3 (= 1.3.13)
  will_paginate (= 2.3.16)

BUNDLED WITH
   1.17.3
