GEM
  remote: https://rubygems.org/
  specs:
    actionmailer (2.3.18)
      actionpack (= 2.3.18)
    actionpack (2.3.18)
      activesupport (= 2.3.18)
      rack (~> 1.1.0)
    activerecord (2.3.18)
      activesupport (= 2.3.18)
    activeresource (2.3.18)
      activesupport (= 2.3.18)
    activesupport (2.3.18)
    diff-lcs (1.3)
    faker (1.8.4)
      i18n (~> 0.5)
    hoe (3.16.2)
      rake (>= 0.8, < 13.0)
    i18n (0.5.0)
    iconv (1.0.4)
    rack (1.1.6)
    rails (2.3.18)
      actionmailer (= 2.3.18)
      actionpack (= 2.3.18)
      activerecord (= 2.3.18)
      activeresource (= 2.3.18)
      activesupport (= 2.3.18)
      rake (>= 0.8.3)
    rails-footnotes (3.6.7)
    rake (12.3.0)
    rspec (3.7.0)
      rspec-core (~> 3.7.0)
      rspec-expectations (~> 3.7.0)
      rspec-mocks (~> 3.7.0)
    rspec-core (3.7.0)
      rspec-support (~> 3.7.0)
    rspec-expectations (3.7.0)
      diff-lcs (>= 1.2.0, < 2.0)
      rspec-support (~> 3.7.0)
    rspec-mocks (3.7.0)
      diff-lcs (>= 1.2.0, < 2.0)
      rspec-support (~> 3.7.0)
    rspec-support (3.7.0)
    sqlite3 (1.3.13)
    test-unit (1.2.3)
      hoe (>= 1.5.1)
    will_paginate (2.3.16)

PLATFORMS
  ruby

DEPENDENCIES
  faker
  i18n (= 0.5.0)
  iconv
  rails (~> 2.3.18)
  rails-footnotes
  rake
  rspec
  sqlite3
  test-unit (= 1.2.3)
  will_paginate (= 2.3.16)

BUNDLED WITH
   1.16.0
